GEM
  remote: https://rubygems.org/
  specs:
    coderay (1.0.8)
    diff-lcs (1.1.3)
    haml (4.0.0)
      tilt
    method_source (0.8.1)
    multi_json (1.7.2)
    nokogiri (1.5.6)
    pry (0.9.12)
      coderay (~> 1.0.5)
      method_source (~> 0.8)
      slop (~> 3.4)
    rack (1.5.2)
    rack-protection (1.3.2)
      rack
    rack-test (0.6.2)
      rack (>= 1.0)
    rspec (2.12.0)
      rspec-core (~> 2.12.0)
      rspec-expectations (~> 2.12.0)
      rspec-mocks (~> 2.12.0)
    rspec-core (2.12.2)
    rspec-expectations (2.12.1)
      diff-lcs (~> 1.1.3)
    rspec-mocks (2.12.2)
    simplecov (0.7.1)
      multi_json (~> 1.0)
      simplecov-html (~> 0.7.1)
    simplecov-html (0.7.1)
    sinatra (1.3.4)
      rack (~> 1.4)
      rack-protection (~> 1.3)
      tilt (~> 1.3, >= 1.3.3)
    slop (3.4.3)
    tilt (1.3.3)

PLATFORMS
  ruby

DEPENDENCIES
  haml
  nokogiri
  pry
  rack
  rack-test
  rspec
  simplecov
  sinatra
